GIT
  remote: git://github.com/ekampp/backbone-rails.git
  revision: b3b45c5fcde98f66214dc60db00d0df1f693aa97
  specs:
    rails-backbone (0.7.2)
      coffee-script (~> 2.2.0)
      ejs (~> 1.0.0)
      railties (>= 3.1.0)

GIT
  remote: git://github.com/ekampp/compass-rails.git
  revision: 47d889ad8dabdab1e9f44da4447f94846c089c50
  specs:
    compass-rails (1.0.0.rc.3)
      compass (~> 0.12.rc.0)

GIT
  remote: git://github.com/ekampp/mongoid.git
  revision: cf03f7e82c7c7d6f82d5248f614e95a22adff513
  specs:
    mongoid (3.1.0)
      activemodel (~> 4.0.0.beta)
      moped (~> 1.2)
      origin (~> 1.0)
      tzinfo (~> 0.3.22)

GIT
  remote: git://github.com/guilleiguaran/uglifier-rails.git
  revision: 5ff7318587bbc6c6cc9ca0c8fa4949dcee7ab2dd
  branch: master
  specs:
    uglifier-rails (3.2.0.rc2)
      railties (>= 3.2.0.beta)
      uglifier (>= 1.2.0)

GIT
  remote: git://github.com/littlebtc/font-awesome-sass-rails.git
  revision: 5d2ab2a35e3817e995c646e2c33f6fc05a477777
  branch: master
  specs:
    font-awesome-sass-rails (2.0.0.0)
      railties (>= 3.1.1)
      sass-rails (>= 3.1.1)

GIT
  remote: git://github.com/radar/paranoia.git
  revision: ef8b1f4b7f3e96e987ec00894d55a7f110b036d4
  branch: master
  specs:
    paranoia (1.1.0)
      activerecord (>= 3.0.0)

GIT
  remote: git://github.com/rails/activerecord-deprecated_finders.git
  revision: fe150f26f009cef370658b7c19db1629b2448952
  branch: master
  specs:
    activerecord-deprecated_finders (0.0.1)

GIT
  remote: git://github.com/rails/coffee-rails.git
  revision: 82da9a9997a6602cbe4934e06e6823d0fd85283c
  branch: master
  specs:
    coffee-rails (4.0.0.beta)
      coffee-script (>= 2.2.0)
      railties (>= 4.0.0.beta, < 5.0)

GIT
  remote: git://github.com/rails/journey.git
  revision: dae7947ce464fa4cad6f05301bb1b6d5ebe8af8e
  branch: master
  specs:
    journey (2.0.0.20120723141804)

GIT
  remote: git://github.com/rails/rails.git
  revision: 133d42bc0fe4926800ff91a587e2ebeb405c3a11
  branch: master
  specs:
    actionmailer (4.0.0.beta)
      actionpack (= 4.0.0.beta)
      mail (~> 2.4.4)
    actionpack (4.0.0.beta)
      activesupport (= 4.0.0.beta)
      builder (~> 3.1.0)
      erubis (~> 2.7.0)
      journey (~> 2.0.0)
      rack (~> 1.4.1)
      rack-cache (~> 1.2)
      rack-test (~> 0.6.1)
    activemodel (4.0.0.beta)
      activesupport (= 4.0.0.beta)
      builder (~> 3.1.0)
    activerecord (4.0.0.beta)
      activemodel (= 4.0.0.beta)
      activerecord-deprecated_finders (= 0.0.1)
      activesupport (= 4.0.0.beta)
      arel (~> 3.0.2)
    activesupport (4.0.0.beta)
      i18n (~> 0.6)
      minitest (~> 3.2)
      multi_json (~> 1.3)
      tzinfo (~> 0.3.33)
    rails (4.0.0.beta)
      actionmailer (= 4.0.0.beta)
      actionpack (= 4.0.0.beta)
      activerecord (= 4.0.0.beta)
      activesupport (= 4.0.0.beta)
      bundler (~> 1.2)
      railties (= 4.0.0.beta)
      sprockets-rails (~> 1.0)
    railties (4.0.0.beta)
      actionpack (= 4.0.0.beta)
      activesupport (= 4.0.0.beta)
      rake (>= 0.8.7)
      rdoc (~> 3.4)
      thor (>= 0.15.4, < 2.0)

GIT
  remote: git://github.com/rails/sass-rails.git
  revision: 9b60259818a0c5d929d2c6c6e6beb63b4517d972
  branch: master
  specs:
    sass-rails (4.0.0.beta)
      railties (>= 4.0.0.beta, < 5.0)
      sass (>= 3.1.10)
      sprockets-rails (~> 1.0)
      tilt (~> 1.3)

GIT
  remote: git://github.com/rails/sprockets-rails.git
  revision: c595128299f17c4db67ffc53672e9a2857d99f8c
  specs:
    sprockets-rails (1.0.1)
      railties (>= 4.0.0.beta, < 5.0)
      sprockets (~> 2.4)

GIT
  remote: git://github.com/sverigemeny/fancybox-rails.git
  revision: 17db886581f38fbcd4b0ac0349fc9493554ee261
  specs:
    fancybox-rails (0.1.4)
      railties (>= 3.1.0)

GEM
  remote: http://rubygems.org/
  specs:
    arel (3.0.2)
    bootstrap-sass (2.1.0.0)
    brakeman (1.8.0)
      activesupport
      erubis (~> 2.6)
      fastercsv (~> 1.5)
      haml (~> 3.0)
      highline (~> 1.6)
      i18n
      json_pure
      ruby2ruby (~> 1.2)
      ruby_parser (= 2.3.1)
      sass (~> 3.0)
      terminal-table (~> 1.4)
    bson (1.7.0)
    bson_ext (1.7.0)
      bson (~> 1.7.0)
    builder (3.1.3)
    cancan (1.6.8)
    capistrano (2.13.4)
      highline
      net-scp (>= 1.0.0)
      net-sftp (>= 2.0.0)
      net-ssh (>= 2.0.14)
      net-ssh-gateway (>= 1.1.0)
    chunky_png (1.2.6)
    coffee-script (2.2.0)
      coffee-script-source
      execjs
    coffee-script-source (1.3.3)
    compass (0.13.alpha.0)
      chunky_png (~> 1.2)
      fssm (>= 0.2.7)
      sass (~> 3.2.0.alpha.93)
    ejs (1.0.0)
    erubis (2.7.0)
    execjs (1.4.0)
      multi_json (~> 1.0)
    faraday (0.8.4)
      multipart-post (~> 1.1)
    fastercsv (1.5.5)
    foreman (0.59.0)
      thor (>= 0.13.6)
    fssm (0.2.9)
    haml (3.1.7)
    haml-rails (0.3.5)
      actionpack (>= 3.1, < 4.1)
      activesupport (>= 3.1, < 4.1)
      haml (~> 3.1)
      railties (>= 3.1, < 4.1)
    has_scope (0.5.1)
    hashie (1.2.0)
    highline (1.6.15)
    hike (1.2.1)
    httpauth (0.1)
    i18n (0.6.1)
    inherited_resources (1.3.1)
      has_scope (~> 0.5.0)
      responders (~> 0.6)
    jquery-rails (2.1.2)
      railties (>= 3.1.0, < 5.0)
      thor (~> 0.14)
    jruby-pageant (1.1.1)
    json (1.7.5)
    json_pure (1.7.5)
    jwt (0.1.5)
      multi_json (>= 1.0)
    mail (2.4.4)
      i18n (>= 0.4.0)
      mime-types (~> 1.16)
      treetop (~> 1.4.8)
    markdown-rails (0.2.1)
      rails
      rdiscount (>= 1.6.8, < 2.0)
    mime-types (1.19)
    minitest (3.5.0)
    moped (1.2.5)
    multi_json (1.3.6)
    multipart-post (1.1.5)
    net-scp (1.0.4)
      net-ssh (>= 1.99.1)
    net-sftp (2.0.5)
      net-ssh (>= 2.0.9)
    net-ssh (2.6.0)
      jruby-pageant (>= 1.1.1)
    net-ssh-gateway (1.1.0)
      net-ssh (>= 1.99.1)
    normalize-rails (0.0.1)
    oauth2 (0.8.0)
      faraday (~> 0.8)
      httpauth (~> 0.1)
      jwt (~> 0.1.4)
      multi_json (~> 1.0)
      rack (~> 1.2)
    omniauth (1.1.1)
      hashie (~> 1.2)
      rack
    omniauth-facebook (1.4.1)
      omniauth-oauth2 (~> 1.1.0)
    omniauth-oauth2 (1.1.1)
      oauth2 (~> 0.8.0)
      omniauth (~> 1.0)
    origin (1.0.9)
    polyglot (0.3.3)
    puma (1.6.3)
      rack (~> 1.2)
    rabl (0.7.2)
      activesupport (>= 2.3.14)
      multi_json (~> 1.0)
    rack (1.4.1)
    rack-cache (1.2)
      rack (>= 0.4)
    rack-test (0.6.1)
      rack (>= 1.0)
    rake (0.9.2.2)
    rdiscount (1.6.8)
    rdoc (3.12)
      json (~> 1.4)
    redcarpet (2.1.1)
    redis (3.0.1)
    responders (0.6.5)
    rollout (1.2.0)
      redis
    ruby2ruby (1.3.1)
      ruby_parser (~> 2.0)
      sexp_processor (~> 3.0)
    ruby_parser (2.3.1)
      sexp_processor (~> 3.0)
    rubygems-bundler (1.1.0)
    sass (3.2.1)
    sexp_processor (3.2.0)
    simple_form (1.4.1)
    sprockets (2.6.0)
      hike (~> 1.2)
      multi_json (~> 1.0)
      rack (~> 1.0)
      tilt (~> 1.1, != 1.3.0)
    terminal-table (1.4.5)
    thor (0.16.0)
    tilt (1.3.3)
    treetop (1.4.10)
      polyglot
      polyglot (>= 0.3.1)
    tzinfo (0.3.33)
    uglifier (1.3.0)
      execjs (>= 0.3.0)
      multi_json (~> 1.0, >= 1.0.2)
    version_bumper (0.3.0)

PLATFORMS
  ruby

DEPENDENCIES
  activerecord-deprecated_finders!
  bootstrap-sass (~> 2.1.0.0)
  brakeman
  bson_ext
  cancan
  capistrano
  coffee-rails!
  compass-rails!
  fancybox-rails!
  font-awesome-sass-rails!
  foreman
  haml-rails
  inherited_resources
  journey!
  jquery-rails
  markdown-rails
  mongoid!
  normalize-rails
  omniauth-facebook
  paranoia!
  puma
  rabl
  rails!
  rails-backbone!
  redcarpet
  redis
  rollout
  rubygems-bundler
  sass-rails!
  simple_form
  sprockets-rails!
  uglifier-rails!
  version_bumper
